GEM
  remote: https://rubygems.org/
  specs:
    addressable (2.3.8)
    archive-zip (0.7.0)
      io-like (~> 0.3.0)
    binding_of_caller (0.7.2)
      debug_inspector (>= 0.0.1)
    capybara (2.4.4)
      mime-types (>= 1.16)
      nokogiri (>= 1.3.3)
      rack (>= 1.0.0)
      rack-test (>= 0.5.4)
      xpath (~> 2.0)
    capybara-screenshot (1.0.11)
      capybara (>= 1.0, < 3)
      launchy
    capybara-webkit (1.5.0)
      capybara (>= 2.3.0, < 2.5.0)
      json
    childprocess (0.5.5)
      ffi (~> 1.0, >= 1.0.11)
    chromedriver-helper (1.0.0)
      archive-zip (~> 0.7.0)
      nokogiri (~> 1.6)
    coderay (1.1.0)
    debug_inspector (0.0.2)
    diff-lcs (1.2.5)
    dotenv (2.0.2)
    ffi (1.9.8)
    interception (0.5)
    io-like (0.3.0)
    json (1.8.2)
    launchy (2.4.3)
      addressable (~> 2.3)
    method_source (0.8.2)
    mime-types (2.4.3)
    mini_portile (0.6.2)
    multi_json (1.11.0)
    mysql2 (0.3.18)
    nokogiri (1.6.6.2)
      mini_portile (~> 0.6.0)
    pry (0.10.1)
      coderay (~> 1.1.0)
      method_source (~> 0.8.1)
      slop (~> 3.4)
    pry-rescue (1.4.2)
      interception (>= 0.5)
      pry
    pry-stack_explorer (0.4.9.2)
      binding_of_caller (>= 0.7)
      pry (>= 0.9.11)
    rack (1.6.0)
    rack-test (0.6.3)
      rack (>= 1.0)
    rspec (3.2.0)
      rspec-core (~> 3.2.0)
      rspec-expectations (~> 3.2.0)
      rspec-mocks (~> 3.2.0)
    rspec-core (3.2.2)
      rspec-support (~> 3.2.0)
    rspec-expectations (3.2.0)
      diff-lcs (>= 1.2.0, < 2.0)
      rspec-support (~> 3.2.0)
    rspec-mocks (3.2.1)
      diff-lcs (>= 1.2.0, < 2.0)
      rspec-support (~> 3.2.0)
    rspec-support (3.2.2)
    rubyzip (1.1.7)
    selenium-webdriver (2.45.0)
      childprocess (~> 0.5)
      multi_json (~> 1.0)
      rubyzip (~> 1.0)
      websocket (~> 1.0)
    sequel (4.24.0)
    slop (3.6.0)
    websocket (1.2.1)
    xpath (2.0.0)
      nokogiri (~> 1.3)

PLATFORMS
  ruby

DEPENDENCIES
  capybara
  capybara-screenshot
  capybara-webkit
  chromedriver-helper
  dotenv
  launchy
  mysql2
  pry
  pry-rescue
  pry-stack_explorer
  rack
  rspec
  selenium-webdriver
  sequel
